GEM
  remote: http://rubygems.org/
  specs:
    bacon (1.1.0)
    diff-lcs (1.1.2)
    em-spec (0.2.5)
      bacon
      eventmachine
      rspec (~> 2.6.0)
      test-unit
    eventmachine (0.12.10)
    git (1.2.5)
    jeweler (1.6.4)
      bundler (~> 1.0)
      git (>= 1.2.5)
      rake
    rake (0.9.2)
    rcov (0.9.9)
    rr (1.0.3)
    rspec (2.6.0)
      rspec-core (~> 2.6.0)
      rspec-expectations (~> 2.6.0)
      rspec-mocks (~> 2.6.0)
    rspec-core (2.6.4)
    rspec-expectations (2.6.0)
      diff-lcs (~> 1.1.2)
    rspec-mocks (2.6.0)
    test-unit (2.3.2)

PLATFORMS
  ruby

DEPENDENCIES
  bundler (~> 1.0.0)
  em-spec
  eventmachine (~> 0.12.0)
  jeweler (~> 1.6.4)
  rcov
  rr
  rspec
